PATH
  remote: .
  specs:
    xcpretty-phabricator-formatter (0.0.4)
      json (= 1.8.3)
      xcpretty (~> 0.2, >= 0.0.7)

GEM
  remote: https://rubygems.org/
  specs:
    bacon (1.2.0)
    json (1.8.3)
    rake (10.3.2)
    rouge (1.11.1)
    xcpretty (0.2.4)
      rouge (~> 1.8)

PLATFORMS
  ruby

DEPENDENCIES
  bacon (~> 1.2)
  bundler (~> 1.3)
  rake
  xcpretty-phabricator-formatter!

BUNDLED WITH
   1.13.7
